GIT
  remote: git@github.com:zendesk/zendesk_deployment.git
  revision: 9ef2ac64ce950adedaf01d055db944652f125b18
  specs:
    zendesk_deployment (1.3.1)
      capistrano
      deep_merge

GEM
  remote: https://rubygems.org/
  specs:
    capistrano (2.15.5)
      highline
      net-scp (>= 1.0.0)
      net-sftp (>= 2.0.0)
      net-ssh (>= 2.0.14)
      net-ssh-gateway (>= 1.1.0)
    deep_merge (1.0.0)
    highline (1.6.19)
    net-scp (1.1.2)
      net-ssh (>= 2.6.5)
    net-sftp (2.1.2)
      net-ssh (>= 2.6.5)
    net-ssh (2.6.8)
    net-ssh-gateway (1.2.0)
      net-ssh (>= 2.6.5)

PLATFORMS
  ruby

DEPENDENCIES
  zendesk_deployment!
